PATH
  remote: .
  specs:
    odf-report (0.4.4)
      nokogiri (~> 1.6.0)
      rubyzip (~> 1.1.0)

GEM
  remote: https://rubygems.org/
  specs:
    coderay (1.1.0)
    method_source (0.8.2)
    mini_portile (0.5.3)
    nokogiri (1.6.1)
      mini_portile (~> 0.5.0)
    pry (0.9.12.6)
      coderay (~> 1.0)
      method_source (~> 0.8)
      slop (~> 3.4)
    pry-nav (0.2.3)
      pry (~> 0.9.10)
    rubyzip (1.1.3)
    slop (3.5.0)

PLATFORMS
  ruby

DEPENDENCIES
  odf-report!
  pry
  pry-nav
